GEM
  remote: https://rubygems.org/
  specs:
    coderay (1.1.3)
    json (2.1.0)
    method_source (1.0.0)
    nokogiri (1.11.1-x86_64-linux)
      racc (~> 1.4)
    pry (0.13.1)
      coderay (~> 1.1)
      method_source (~> 1.0)
    racc (1.5.2)
    require_all (2.0.0)

PLATFORMS
  x86_64-linux

DEPENDENCIES
  json
  nokogiri
  pry
  require_all

BUNDLED WITH
   2.2.4
